{
	"TaskName": "rest",	
	"Modality": "MR",
	"MagneticFieldStrength": 3,
	"Manufacturer": "GE",
	"ManufacturersModelName": "Signa_HDxt",
	"InstitutionName": "The_1st_Hospital_of_CQMU",
	"DeviceSerialNumber": "0000082427220041",
	"StationName": "GEMSGEMS",
	"PatientPosition": "HFS",
	"SoftwareVersions": "24_LX_MR_Software_release:HD16.0_V02_1131.a",
	"MRAcquisitionType": "2D",
	"SeriesDescription": "BOLD",
	"ProtocolName": "BOLD",
	"ScanningSequence": "EP_GR",
	"SequenceVariant": "SS",
	"ScanOptions": "MP_GEMS_EPI_GEMS_ACC_GEMS",
	"ImageType": ["ORIGINAL", "PRIMARY", "OTHER"],
	"SeriesNumber": 4,
	"AcquisitionTime": "22:04:13.000000",
	"AcquisitionNumber": 1,
	"SliceThickness": 4,
	"SpacingBetweenSlices": 4,
	"SAR": 0.342353,
	"EchoTime": 0.04,
	"RepetitionTime": 2,
	"FlipAngle": 90,
	"PercentPhaseFOV": 100,
	"AcquisitionMatrixPE": 64,
	"ReconMatrixPE": 64,
	"EffectiveEchoSpacing": 0.000612,
	"TotalReadoutTime": 0.038556,
	"PixelBandwidth": 7812.5,
	"PhaseEncodingAxis": "j",
	"ImageOrientationPatientDICOM": [
		1,
		-0,
		0,
		-0,
		1,
		0	],
	"InPlanePhaseEncodingDirectionDICOM": "COL",
	"ConversionSoftware": "dcm2niix",
	"ConversionSoftwareVersion": "v1.0.20180622 GCC7.3.0"
}
